GIT
  remote: git://github.com/rails/rails.git
  revision: 857c6ee62c0582273d76e7b21b1eb295359eb837
  branch: 3-0-stable
  specs:
    actionmailer (3.0.20)
      actionpack (= 3.0.20)
      mail (~> 2.2.19)
    actionpack (3.0.20)
      activemodel (= 3.0.20)
      activesupport (= 3.0.20)
      builder (~> 2.1.2)
      erubis (~> 2.6.6)
      i18n (~> 0.5.0)
      rack (~> 1.2.5)
      rack-mount (~> 0.6.14)
      rack-test (~> 0.5.7)
      tzinfo (~> 0.3.23)
    activemodel (3.0.20)
      activesupport (= 3.0.20)
      builder (~> 2.1.2)
      i18n (~> 0.5.0)
    activerecord (3.0.20)
      activemodel (= 3.0.20)
      activesupport (= 3.0.20)
      arel (~> 2.0.10)
      tzinfo (~> 0.3.23)
    activeresource (3.0.20)
      activemodel (= 3.0.20)
      activesupport (= 3.0.20)
    activesupport (3.0.20)
    rails (3.0.20)
      actionmailer (= 3.0.20)
      actionpack (= 3.0.20)
      activerecord (= 3.0.20)
      activeresource (= 3.0.20)
      activesupport (= 3.0.20)
      bundler (~> 1.0)
      railties (= 3.0.20)
    railties (3.0.20)
      actionpack (= 3.0.20)
      activesupport (= 3.0.20)
      rake (>= 0.8.7)
      rdoc (~> 3.4)
      thor (~> 0.14.4)

PATH
  remote: vendor/engines
  specs:
    refinerycms-guides (1.0)

GEM
  remote: https://rubygems.org/
  specs:
    RedCloth (4.2.9)
    abstract (1.0.0)
    acts-as-taggable-on (3.3.0)
      activerecord (>= 3, < 5)
    acts_as_indexed (0.8.3)
    arel (2.0.10)
    awesome_nested_set (2.1.6)
      activerecord (>= 3.0.0)
    babosa (0.3.11)
    bcrypt (3.1.10)
    bcrypt-ruby (3.1.5)
      bcrypt (>= 3.1.3)
    builder (2.1.2)
    devise (1.4.9)
      bcrypt-ruby (~> 3.0)
      orm_adapter (~> 0.0.3)
      warden (~> 1.0.3)
    dragonfly (0.9.15)
      multi_json (~> 1.0)
      rack
    erubis (2.6.6)
      abstract (>= 1.0.0)
    filters_spam (0.5)
    friendly_id_globalize3 (3.2.1.6)
      babosa (~> 0.3.0)
    globalize3 (0.2.0)
      activemodel (>= 3.0.0)
      activerecord (>= 3.0.0)
      paper_trail (~> 2)
    httparty (0.13.5)
      json (~> 1.8)
      multi_xml (>= 0.5.2)
    i18n (0.5.4)
    json (1.8.3)
    mail (2.2.20)
      activesupport (>= 2.3.6)
      i18n (>= 0.4.0)
      mime-types (~> 1.16)
      treetop (~> 1.4.8)
    mime-types (1.25.1)
    multi_json (1.11.1)
    multi_xml (0.5.5)
    newrelic_rpm (3.12.0.288)
    orm_adapter (0.0.7)
    paper_trail (2.7.2)
      activerecord (~> 3.0)
      railties (~> 3.0)
    pg (0.18.2)
    polyglot (0.3.5)
    rack (1.2.8)
    rack-cache (1.2)
      rack (>= 0.4)
    rack-mount (0.6.14)
      rack (>= 1.0.0)
    rack-rewrite (1.0.2)
    rack-test (0.5.7)
      rack (>= 1.0)
    rake (10.4.2)
    rdoc (3.12.2)
      json (~> 1.4)
    refinerycms (1.0.11)
      bundler (~> 1.0)
      refinerycms-authentication (= 1.0.11)
      refinerycms-base (= 1.0.11)
      refinerycms-core (= 1.0.11)
      refinerycms-dashboard (= 1.0.11)
      refinerycms-images (= 1.0.11)
      refinerycms-pages (= 1.0.11)
      refinerycms-resources (= 1.0.11)
      refinerycms-settings (= 1.0.11)
    refinerycms-authentication (1.0.11)
      activerecord (~> 3.0.10)
      devise (~> 1.4.3)
      friendly_id_globalize3 (~> 3.2.1)
      refinerycms-core (= 1.0.11)
    refinerycms-base (1.0.11)
    refinerycms-blog (1.6.2)
      acts-as-taggable-on
      filters_spam (~> 0.2)
      refinerycms-core (~> 1.0.3)
      seo_meta (~> 1.1.0)
    refinerycms-core (1.0.11)
      acts_as_indexed (~> 0.7)
      awesome_nested_set (~> 2.0)
      friendly_id_globalize3 (~> 3.2.1)
      globalize3 (~> 0.2.0.beta4)
      rails (~> 3.0.10)
      refinerycms-base (= 1.0.11)
      refinerycms-generators (~> 1.0)
      refinerycms-settings (= 1.0.11)
      truncate_html (~> 0.5)
      will_paginate (~> 3.0.0)
    refinerycms-dashboard (1.0.11)
      refinerycms-core (= 1.0.11)
    refinerycms-generators (1.0.4)
    refinerycms-i18n (1.0.0)
      refinerycms-core (>= 0.9.9.12)
      routing-filter (>= 0.2.3)
    refinerycms-images (1.0.11)
      activerecord (~> 3.0.10)
      dragonfly (~> 0.9.0)
      rack-cache (>= 0.5.3)
      refinerycms-core (= 1.0.11)
    refinerycms-pages (1.0.11)
      activerecord (~> 3.0.10)
      awesome_nested_set (~> 2.0)
      friendly_id_globalize3 (~> 3.2.1)
      globalize3 (~> 0.2.0.beta4)
      refinerycms-core (= 1.0.11)
      seo_meta (~> 1.1)
    refinerycms-resources (1.0.11)
      activerecord (~> 3.0.10)
      dragonfly (~> 0.9.0)
      rack-cache (>= 0.5.3)
      refinerycms-core (= 1.0.11)
    refinerycms-settings (1.0.11)
      activerecord (~> 3.0.10)
      refinerycms-base (= 1.0.11)
    routing-filter (0.4.0.1)
      actionpack (< 4.2)
    seo_meta (1.1.1)
      refinerycms-generators (~> 1.0.1)
    thor (0.14.6)
    treetop (1.4.15)
      polyglot
      polyglot (>= 0.3.1)
    truncate_html (0.9.3)
    tzinfo (0.3.44)
    warden (1.0.6)
      rack (>= 1.0)
    will_paginate (3.0.7)

PLATFORMS
  ruby

DEPENDENCIES
  RedCloth (= 4.2.9)
  httparty
  newrelic_rpm
  pg
  rack-rewrite (~> 1.0.2)
  rails!
  refinerycms (~> 1.0.10)
  refinerycms-blog (~> 1.6.2)
  refinerycms-guides!
  refinerycms-i18n (~> 1.0.0)
